GEM
  remote: https://rubygems.org/
  specs:
    coderay (1.1.1)
    curb (0.9.10)
    method_source (0.8.2)
    mini_portile2 (2.5.1)
    nokogiri (1.11.4)
      mini_portile2 (~> 2.5.0)
      racc (~> 1.4)
    pry (0.10.4)
      coderay (~> 1.1.0)
      method_source (~> 0.8.1)
      slop (~> 3.4)
    racc (1.5.2)
    slop (3.6.0)

PLATFORMS
  ruby

DEPENDENCIES
  curb (~> 0.9.3)
  nokogiri (>= 1.10.4)
  pry

BUNDLED WITH
   1.17.2
